GEM
  remote: https://rubygems.org/
  specs:
    addressable (2.5.2)
      public_suffix (>= 2.0.2, < 4.0)
    ast (2.4.0)
    awesome_print (1.8.0)
    coderay (1.1.2)
    descendants_tracker (0.0.4)
      thread_safe (~> 0.3, >= 0.3.1)
    domain_name (0.5.20180417)
      unf (>= 0.0.5, < 1.0.0)
    faraday (0.12.2)
      multipart-post (>= 1.2, < 3)
    github_api (0.18.2)
      addressable (~> 2.4)
      descendants_tracker (~> 0.0.4)
      faraday (~> 0.8)
      hashie (~> 3.5, >= 3.5.2)
      oauth2 (~> 1.0)
    hashie (3.5.7)
    http-cookie (1.0.3)
      domain_name (~> 0.5)
    jaro_winkler (1.5.1)
    jwt (1.5.6)
    method_source (0.9.0)
    mime-types (3.1)
      mime-types-data (~> 3.2015)
    mime-types-data (3.2016.0521)
    multi_json (1.13.1)
    multi_xml (0.6.0)
    multipart-post (2.0.0)
    netrc (0.11.0)
    oauth2 (1.4.0)
      faraday (>= 0.8, < 0.13)
      jwt (~> 1.0)
      multi_json (~> 1.3)
      multi_xml (~> 0.5)
      rack (>= 1.2, < 3)
    parallel (1.12.1)
    parser (2.5.1.2)
      ast (~> 2.4.0)
    powerpack (0.1.2)
    pry (0.11.3)
      coderay (~> 1.1.0)
      method_source (~> 0.9.0)
    public_suffix (3.0.2)
    rack (2.0.5)
    rainbow (3.0.0)
    rake (12.3.1)
    rest-client (2.0.2)
      http-cookie (>= 1.0.2, < 2.0)
      mime-types (>= 1.16, < 4.0)
      netrc (~> 0.8)
    rubocop (0.58.1)
      jaro_winkler (~> 1.5.1)
      parallel (~> 1.10)
      parser (>= 2.5, != 2.5.1.1)
      powerpack (~> 0.1)
      rainbow (>= 2.2.2, < 4.0)
      ruby-progressbar (~> 1.7)
      unicode-display_width (~> 1.0, >= 1.0.1)
    ruby-progressbar (1.9.0)
    thread_safe (0.3.6)
    timezone (1.2.12)
    unf (0.1.4)
      unf_ext
    unf_ext (0.0.7.5)
    unicode-display_width (1.4.0)

PLATFORMS
  ruby

DEPENDENCIES
  awesome_print
  github_api
  pry
  rake
  rest-client
  rubocop
  timezone

BUNDLED WITH
   1.16.2
